GEM
  remote: http://rubygems.org/
  specs:
    aws-sdk (1.8.0)
      httparty (~> 0.7)
      json (~> 1.4)
      nokogiri (>= 1.4.4)
      uuidtools (~> 2.1)
    bouncy-castle-java (1.5.0146.1)
    capistrano (2.14.1)
      highline
      net-scp (>= 1.0.0)
      net-sftp (>= 2.0.0)
      net-ssh (>= 2.0.14)
      net-ssh-gateway (>= 1.1.0)
    colorize (0.5.8)
    diff-lcs (1.1.3)
    excon (0.16.10)
    facter (1.6.17)
    hiera (1.0.0)
    highline (1.6.15)
    httparty (0.10.0)
      multi_json (~> 1.0)
      multi_xml
    jruby-openssl (0.8.2)
      bouncy-castle-java (>= 1.5.0146.1)
    json (1.7.6)
    json (1.7.6-java)
    multi_json (1.5.0)
    multi_xml (0.5.2)
    net-scp (1.0.4)
      net-ssh (>= 1.99.1)
    net-sftp (2.0.5)
      net-ssh (>= 2.0.9)
    net-ssh (2.6.3)
    net-ssh-gateway (1.1.0)
      net-ssh (>= 1.99.1)
    nokogiri (1.5.6)
    nokogiri (1.5.6-java)
    puppet (3.0.2)
      facter (~> 1.6.11)
      hiera (~> 1.0.0)
    rake (10.0.3)
    rspec (2.12.0)
      rspec-core (~> 2.12.0)
      rspec-expectations (~> 2.12.0)
      rspec-mocks (~> 2.12.0)
    rspec-core (2.12.2)
    rspec-expectations (2.12.1)
      diff-lcs (~> 1.1.3)
    rspec-mocks (2.12.1)
    uuidtools (2.1.3)

PLATFORMS
  java
  ruby

DEPENDENCIES
  aws-sdk
  capistrano
  colorize
  excon
  jruby-openssl
  nokogiri
  puppet
  rake
  rspec
