GEM
  remote: http://rubygems.org/
  specs:
    aws-sdk (1.4.1)
      httparty (~> 0.7)
      json (~> 1.4)
      nokogiri (>= 1.4.4)
      uuidtools (~> 2.1)
    colorize (0.5.8)
    httparty (0.8.2)
      multi_json
      multi_xml
    json (1.6.6)
    multi_json (1.3.2)
    multi_xml (0.4.4)
    nokogiri (1.5.2)
    rake (0.9.2.2)
    uuidtools (2.1.2)

PLATFORMS
  ruby

DEPENDENCIES
  aws-sdk
  colorize
  rake
