GEM
  remote: http://rubygems.org/
  specs:
    aws-sdk (1.4.1)
      httparty (~> 0.7)
      json (~> 1.4)
      nokogiri (>= 1.4.4)
      uuidtools (~> 2.1)
    bouncy-castle-java (1.5.0146.1)
    capistrano (2.12.0)
      highline
      net-scp (>= 1.0.0)
      net-sftp (>= 2.0.0)
      net-ssh (>= 2.0.14)
      net-ssh-gateway (>= 1.1.0)
    colorize (0.5.8)
    diff-lcs (1.1.3)
    excon (0.13.4)
    facter (1.6.8)
    highline (1.6.13)
    httparty (0.8.3)
      multi_json (~> 1.0)
      multi_xml
    jruby-openssl (0.7.6.1)
      bouncy-castle-java (>= 1.5.0146.1)
    json (1.5.4)
    json (1.5.4-java)
    multi_json (1.3.2)
    multi_xml (0.4.4)
    net-scp (1.0.4)
      net-ssh (>= 1.99.1)
    net-sftp (2.0.5)
      net-ssh (>= 2.0.9)
    net-ssh (2.5.2)
    net-ssh-gateway (1.1.0)
      net-ssh (>= 1.99.1)
    nokogiri (1.5.2)
    nokogiri (1.5.2-java)
    puppet (2.7.14)
      facter (>= 1.5.1)
    rake (0.9.2.2)
    rspec (2.9.0)
      rspec-core (~> 2.9.0)
      rspec-expectations (~> 2.9.0)
      rspec-mocks (~> 2.9.0)
    rspec-core (2.9.0)
    rspec-expectations (2.9.1)
      diff-lcs (~> 1.1.3)
    rspec-mocks (2.9.0)
    uuidtools (2.1.2)

PLATFORMS
  java
  ruby

DEPENDENCIES
  aws-sdk
  capistrano
  colorize
  excon
  jruby-openssl
  nokogiri
  puppet
  rake
  rspec
